PATH
  remote: .
  specs:
    digitsum (0.2.0)

GEM
  remote: https://rubygems.org/
  specs:
    rake (10.4.2)

PLATFORMS
  ruby

DEPENDENCIES
  bundler (~> 1.16)
  digitsum!
  rake (~> 10.0)

BUNDLED WITH
   1.16.2
